GEM
  remote: https://rubygems.org/
  specs:
    actionpack (7.0.3.1)
      actionview (= 7.0.3.1)
      activesupport (= 7.0.3.1)
      rack (~> 2.0, >= 2.2.0)
      rack-test (>= 0.6.3)
      rails-dom-testing (~> 2.0)
      rails-html-sanitizer (~> 1.0, >= 1.2.0)
    actionview (7.0.3.1)
      activesupport (= 7.0.3.1)
      builder (~> 3.1)
      erubi (~> 1.4)
      rails-dom-testing (~> 2.0)
      rails-html-sanitizer (~> 1.1, >= 1.2.0)
    activemodel (7.0.3.1)
      activesupport (= 7.0.3.1)
    activerecord (7.0.3.1)
      activemodel (= 7.0.3.1)
      activesupport (= 7.0.3.1)
    activesupport (7.0.3.1)
      concurrent-ruby (~> 1.0, >= 1.0.2)
      i18n (>= 1.6, < 2)
      minitest (>= 5.1)
      tzinfo (~> 2.0)
    addressable (2.8.0)
      public_suffix (>= 2.0.2, < 5.0)
    ast (2.4.2)
    binding_of_caller (1.0.0)
      debug_inspector (>= 0.0.1)
    brakeman (5.3.1)
    builder (3.2.4)
    cgi (0.3.2)
    coderay (1.1.3)
    concurrent-ruby (1.1.10)
    content_disposition (1.0.0)
    crack (0.4.5)
      rexml
    crass (1.0.6)
    database_cleaner-active_record (2.0.1)
      activerecord (>= 5.a)
      database_cleaner-core (~> 2.0.0)
    database_cleaner-core (2.0.1)
    debug_inspector (1.1.0)
    diff-lcs (1.5.0)
    dotenv (2.8.1)
    down (5.3.1)
      addressable (~> 2.8)
    dry-auto_inject (0.9.0)
      dry-container (>= 0.3.4)
    dry-cli (0.7.0)
    dry-configurable (0.15.0)
      concurrent-ruby (~> 1.0)
      dry-core (~> 0.6)
    dry-container (0.10.1)
      concurrent-ruby (~> 1.0)
    dry-core (0.8.1)
      concurrent-ruby (~> 1.0)
    dry-events (0.3.0)
      concurrent-ruby (~> 1.0)
      dry-core (~> 0.5, >= 0.5)
    dry-inflector (0.3.0)
    dry-matcher (0.9.0)
      dry-core (~> 0.4, >= 0.4.8)
    dry-monads (1.4.0)
      concurrent-ruby (~> 1.0)
      dry-core (~> 0.7)
    dry-system (0.25.0)
      concurrent-ruby (~> 1.0)
      dry-auto_inject (>= 0.4.0)
      dry-configurable (~> 0.14, >= 0.14.0)
      dry-container (~> 0.10, >= 0.10.0)
      dry-core (~> 0.5, >= 0.5)
      dry-inflector (~> 0.1, >= 0.1.2)
    dry-transaction (0.13.3)
      dry-container (>= 0.2.8)
      dry-events (>= 0.1.0)
      dry-matcher (>= 0.7.0)
      dry-monads (>= 0.4.0)
    erb (2.2.3)
      cgi
    erubi (1.11.0)
    hashdiff (1.0.1)
    httparty (0.20.0)
      mime-types (~> 3.0)
      multi_xml (>= 0.5.2)
    i18n (1.12.0)
      concurrent-ruby (~> 1.0)
    interception (0.5)
    loofah (2.18.0)
      crass (~> 1.0.2)
      nokogiri (>= 1.5.9)
    method_source (1.0.0)
    mime-types (3.4.1)
      mime-types-data (~> 3.2015)
    mime-types-data (3.2022.0105)
    mini_portile2 (2.8.0)
    minitest (5.16.2)
    multi_xml (0.6.0)
    nokogiri (1.13.8)
      mini_portile2 (~> 2.8.0)
      racc (~> 1.4)
    nokogiri (1.13.8-x86_64-linux)
      racc (~> 1.4)
    parallel (1.22.1)
    parser (3.1.2.1)
      ast (~> 2.4.1)
    pg (1.4.3)
    pry (0.14.1)
      coderay (~> 1.1)
      method_source (~> 1.0)
    pry-rescue (1.5.2)
      interception (>= 0.5)
      pry (>= 0.12.0)
    pry-stack_explorer (0.6.1)
      binding_of_caller (~> 1.0)
      pry (~> 0.13)
    public_suffix (4.0.7)
    racc (1.6.0)
    rack (2.2.4)
    rack-test (2.0.2)
      rack (>= 1.3)
    rails-dom-testing (2.0.3)
      activesupport (>= 4.2.0)
      nokogiri (>= 1.6)
    rails-html-sanitizer (1.4.3)
      loofah (~> 2.3)
    railties (7.0.3.1)
      actionpack (= 7.0.3.1)
      activesupport (= 7.0.3.1)
      method_source
      rake (>= 12.2)
      thor (~> 1.0)
      zeitwerk (~> 2.5)
    rainbow (3.1.1)
    rake (13.0.6)
    regexp_parser (2.5.0)
    rexml (3.2.5)
    rmagick (4.2.6)
    rspec (3.11.0)
      rspec-core (~> 3.11.0)
      rspec-expectations (~> 3.11.0)
      rspec-mocks (~> 3.11.0)
    rspec-core (3.11.0)
      rspec-support (~> 3.11.0)
    rspec-expectations (3.11.0)
      diff-lcs (>= 1.2.0, < 2.0)
      rspec-support (~> 3.11.0)
    rspec-mocks (3.11.1)
      diff-lcs (>= 1.2.0, < 2.0)
      rspec-support (~> 3.11.0)
    rspec-support (3.11.0)
    rubocop (0.93.1)
      parallel (~> 1.10)
      parser (>= 2.7.1.5)
      rainbow (>= 2.2.2, < 4.0)
      regexp_parser (>= 1.8)
      rexml
      rubocop-ast (>= 0.6.0)
      ruby-progressbar (~> 1.7)
      unicode-display_width (>= 1.4.0, < 2.0)
    rubocop-ast (1.21.0)
      parser (>= 3.1.1.0)
    ruby-progressbar (1.11.0)
    shrine (3.4.0)
      content_disposition (~> 1.0)
      down (~> 5.1)
    standalone_migrations (7.1.0)
      activerecord (>= 4.2.7, < 7.1.0, != 5.2.3.rc1, != 5.2.3)
      railties (>= 4.2.7, < 7.1.0, != 5.2.3.rc1, != 5.2.3)
      rake (>= 10.0)
    thor (1.2.1)
    tzinfo (2.0.5)
      concurrent-ruby (~> 1.0)
    unicode-display_width (1.8.0)
    vcr (6.1.0)
    webmock (3.17.1)
      addressable (>= 2.8.0)
      crack (>= 0.3.2)
      hashdiff (>= 0.4.0, < 2.0.0)
    yaml (0.2.0)
    zeitwerk (2.6.0)

PLATFORMS
  ruby
  x86_64-linux

DEPENDENCIES
  activerecord
  brakeman
  database_cleaner-active_record
  dotenv
  dry-auto_inject
  dry-cli
  dry-configurable
  dry-container
  dry-system
  dry-transaction
  erb
  httparty
  pg
  pry
  pry-rescue
  pry-stack_explorer
  rainbow
  rake (~> 13.0)
  rmagick
  rspec (~> 3.0)
  rubocop (~> 0.80)
  shrine (~> 3.0)
  standalone_migrations
  vcr
  webmock
  yaml

BUNDLED WITH
   2.2.32
